GEM
  remote: https://rubygems.org/
  specs:
    thor (0.20.0)

PLATFORMS
  ruby

DEPENDENCIES
  thor

BUNDLED WITH
   1.16.0
